GEM
  remote: https://rubygems.org/
  specs:
    curb (0.8.5)

PLATFORMS
  ruby

DEPENDENCIES
  curb (~> 0.8.5)
